GEM
  remote: https://rubygems.org/
  specs:
    haml (3.1.4)
    rake (12.3.3)

PLATFORMS
  ruby

DEPENDENCIES
  haml
  rake
